PATH
  remote: .
  specs:
    umeng_pusher (0.1.0)
      httpx

GEM
  remote: https://rubygems.org/
  specs:
    coderay (1.1.3)
    diff-lcs (1.4.4)
    http-2-next (0.3.0)
    httpx (0.11.0)
      http-2-next (>= 0.1.2)
      timers
    method_source (1.0.0)
    pry (0.14.1)
      coderay (~> 1.1)
      method_source (~> 1.0)
    rake (12.3.3)
    rspec (3.10.0)
      rspec-core (~> 3.10.0)
      rspec-expectations (~> 3.10.0)
      rspec-mocks (~> 3.10.0)
    rspec-core (3.10.1)
      rspec-support (~> 3.10.0)
    rspec-expectations (3.10.1)
      diff-lcs (>= 1.2.0, < 2.0)
      rspec-support (~> 3.10.0)
    rspec-mocks (3.10.2)
      diff-lcs (>= 1.2.0, < 2.0)
      rspec-support (~> 3.10.0)
    rspec-support (3.10.2)
    timers (4.3.2)

PLATFORMS
  ruby

DEPENDENCIES
  bundler
  pry
  rake (~> 12.0)
  rspec (~> 3.0)
  umeng_pusher!

BUNDLED WITH
   2.1.4
